GEM
  remote: https://rubygems.org/
  specs:
    activesupport (4.1.4)
      i18n (~> 0.6, >= 0.6.9)
      json (~> 1.7, >= 1.7.7)
      minitest (~> 5.1)
      thread_safe (~> 0.1)
      tzinfo (~> 1.1)
    airbrake (4.0.0)
      builder
      multi_json
    builder (3.2.2)
    celluloid (0.15.2)
      timers (~> 1.1.0)
    daemons (1.1.9)
    em-zeromq (0.5.0)
      eventmachine (>= 1.0.0)
      ffi (>= 1.0.0)
      ffi-rzmq (~> 2.0.1)
    eventmachine (1.0.3)
    ffi (1.9.3)
    ffi-rzmq (2.0.1)
      ffi-rzmq-core (>= 1.0.1)
    ffi-rzmq-core (1.0.3)
      ffi (~> 1.9)
    hashie (3.2.0)
    i18n (0.6.11)
    json (1.8.1)
    logger_facade (0.2.0)
      airbrake (~> 4.0)
      hashie (~> 3.2)
      sucker_punch (~> 1.1)
    minitest (5.4.0)
    msgpack (0.5.8)
    multi_json (1.10.1)
    sucker_punch (1.1)
      celluloid (~> 0.15.2)
    thread_safe (0.3.4)
    timers (1.1.0)
    tzinfo (1.2.1)
      thread_safe (~> 0.1)
    zss (0.1.0)
      activesupport (~> 4.1)
      daemons (~> 1.1)
      em-zeromq (~> 0.5)
      ffi-rzmq (~> 2.0)
      hashie (~> 3.2)
      logger_facade (~> 0.1)
      msgpack (~> 0.5)

PLATFORMS
  ruby

DEPENDENCIES
  zss
